GIT
  remote: https://github.com/keshihoriuchi/ruby-mqtt
  revision: 3aa9960d34aca8840b8d9e901b77bcd78d7f7210
  branch: use_external_socket
  specs:
    mqtt (0.4.0)

GEM
  remote: https://rubygems.org/
  specs:
    celluloid (0.17.1.2)
      bundler
      celluloid-essentials
      celluloid-extras
      celluloid-fsm
      celluloid-pool
      celluloid-supervision
      dotenv
      nenv
      rspec-logsplit (>= 0.1.2)
      timers (>= 4.1.1)
    celluloid-essentials (0.20.2.1)
      bundler
      dotenv
      nenv
      rspec-logsplit (>= 0.1.2)
      timers (>= 4.1.1)
    celluloid-extras (0.20.1)
      bundler
      dotenv
      nenv
      rspec-logsplit (>= 0.1.2)
      timers (>= 4.1.1)
    celluloid-fsm (0.20.1)
      bundler
      dotenv
      nenv
      rspec-logsplit (>= 0.1.2)
      timers (>= 4.1.1)
    celluloid-io (0.17.1)
      bundler
      celluloid (>= 0.17.1.1)
      dotenv
      nenv
      nio4r (>= 1.1)
      rspec-logsplit (>= 0.1.2)
      timers (>= 4.1.1)
    celluloid-pool (0.20.1)
      bundler
      dotenv
      nenv
      rspec-logsplit (>= 0.1.2)
      timers (>= 4.1.1)
    celluloid-supervision (0.20.1.1)
      bundler
      dotenv
      nenv
      rspec-logsplit (>= 0.1.2)
      timers (>= 4.1.1)
    dotenv (2.0.2)
    filter_io (0.2.7)
    hexdump (0.2.3)
    hitimes (1.2.3)
    nenv (0.2.0)
    nio4r (1.1.1)
    rspec-logsplit (0.1.3)
    timers (4.1.1)
      hitimes
    websocket (1.2.2)
    websocketio (0.0.2)
      filter_io
      websocket

PLATFORMS
  ruby

DEPENDENCIES
  celluloid-io
  hexdump
  mqtt!
  websocketio
